GEM
  remote: https://rubygems.org/
  specs:
    exifr (1.3.5)

PLATFORMS
  ruby

DEPENDENCIES
  exifr (= 1.3.5)

BUNDLED WITH
   2.0.1
